NUGET
  remote: https://www.nuget.org/api/v2
    Deedle (1.2.5)
    EntityFramework (6.1.3) - framework: net40, net45, net451, >= net46
    FAKE (4.29.2)
    FSharp.Core (4.0.0.1)
    Newtonsoft.Json (8.0.3)
    SQLite (3.12.2)
      SQLite.Native (>= 3.12.2) - framework: >= netstandard10
      SQLite.UWP.Native (>= 3.12.2)
    SQLite.Native (3.12.2) - framework: >= netstandard10
    SQLite.Net.Core-PCL (3.1.1)
    SQLite.Net-PCL (3.1.1)
      SQLite.Net.Core-PCL (>= 3.1.1)
      sqlite-net-wp8 (>= 3.8.5) - framework: wpv8.0
    SQLite.UWP.Native (3.12.2)
    sqlite-net-wp8 (3.8.5) - framework: wpv8.0
    Suave (1.1.3)
      FSharp.Core (>= 3.1.2.5)
    System.Data.SQLite (1.0.102)
      System.Data.SQLite.Core (>= 1.0.102) - framework: net20, net40, net45, net451, >= net46
      System.Data.SQLite.EF6 (>= 1.0.102) - framework: net40, net45, net451, >= net46
      System.Data.SQLite.Linq (>= 1.0.102) - framework: net20, net40, net45, net451, >= net46
    System.Data.SQLite.Core (1.0.102) - framework: net20, net40, net45, net451, >= net46
    System.Data.SQLite.EF6 (1.0.102) - framework: net40, net45, net451, >= net46
      EntityFramework (>= 6.0) - framework: net40, net45, net451, >= net46
    System.Data.SQLite.Linq (1.0.102) - framework: net20, net40, net45, net451, >= net46
